GEM
  remote: https://rubygems.org/
  specs:
    nokogiri (1.13.9-x86_64-linux)
      racc (~> 1.4)
    racc (1.6.0)
    rubyXL (3.4.25)
      nokogiri (>= 1.10.8)
      rubyzip (>= 1.3.0)
    rubyzip (2.3.2)

PLATFORMS
  x86_64-linux

DEPENDENCIES
  rubyXL

BUNDLED WITH
   2.3.24
